GIT
  remote: https://github.com/mccarrmb/os
  revision: e379f02226fc05cf89632913729ad9952082e968
  specs:
    os (1.0.0)

GIT
  remote: https://github.com/watir/watir
  revision: e036ffaa5d63e8c54c56c630ab7cba2f0bdce463
  specs:
    watir (6.16.5)
      regexp_parser (~> 1.2)
      selenium-webdriver (~> 3.6)

GEM
  remote: https://rubygems.org/
  specs:
    ast (2.4.0)
    childprocess (1.0.1)
      rake (< 13.0)
    coderay (1.1.2)
    concurrent-ruby (1.1.5)
    csv (3.1.1)
    data_magic (1.2)
      faker (>= 1.1.2)
      yml_reader (>= 0.6)
    faker (1.9.3)
      i18n (>= 0.7)
    i18n (1.6.0)
      concurrent-ruby (~> 1.0)
    jaro_winkler (1.5.2)
    json (2.2.0)
    method_source (0.9.2)
    minitest (5.11.3)
    page-object (2.2.6)
      page_navigation (>= 0.10)
      selenium-webdriver (~> 3.0)
      watir (~> 6.8)
    page_navigation (0.10)
      data_magic (>= 0.22)
    parallel (1.17.0)
    parser (2.6.3.0)
      ast (~> 2.4.0)
    power_assert (1.1.4)
    pry (0.12.2)
      coderay (~> 1.1.0)
      method_source (~> 0.9.0)
    rainbow (3.0.0)
    rake (12.3.2)
    regexp_parser (1.5.0)
    rubocop (0.69.0)
      jaro_winkler (~> 1.5.1)
      parallel (~> 1.10)
      parser (>= 2.6)
      rainbow (>= 2.2.2, < 4.0)
      ruby-progressbar (~> 1.7)
      unicode-display_width (>= 1.4.0, < 1.7)
    ruby-progressbar (1.10.0)
    rubyzip (1.2.2)
    selenium-webdriver (3.142.2)
      childprocess (>= 0.5, < 2.0)
      rubyzip (~> 1.2, >= 1.2.2)
    test-unit (3.3.3)
      power_assert
    unicode-display_width (1.6.0)
    yml_reader (0.7)

PLATFORMS
  ruby

DEPENDENCIES
  csv (~> 3.0)
  json
  minitest
  os!
  page-object
  pry
  rake
  rubocop (~> 0.69.0)
  selenium-webdriver
  test-unit
  watir!

BUNDLED WITH
   1.17.2
