GIT
  remote: https://github.com/mccarrmb/os
  revision: e379f02226fc05cf89632913729ad9952082e968
  specs:
    os (1.0.0)

GIT
  remote: https://github.com/watir/watir
  revision: c7b7b0bd411108afe5395b4cf6b4e90c73d843a8
  specs:
    watir (6.11.0)
      selenium-webdriver (~> 3.4, >= 3.4.1)

GEM
  remote: https://rubygems.org/
  specs:
    ast (2.4.0)
    childprocess (0.9.0)
      ffi (~> 1.0, >= 1.0.11)
    coderay (1.1.2)
    concurrent-ruby (1.0.5)
    data_magic (1.2)
      faker (>= 1.1.2)
      yml_reader (>= 0.6)
    faker (1.9.1)
      i18n (>= 0.7)
    ffi (1.9.25)
    i18n (1.0.1)
      concurrent-ruby (~> 1.0)
    jaro_winkler (1.5.1)
    json (2.1.0)
    method_source (0.9.0)
    minitest (5.11.3)
    page-object (2.2.4)
      page_navigation (>= 0.10)
      selenium-webdriver (~> 3.0)
      watir (~> 6.8)
    page_navigation (0.10)
      data_magic (>= 0.22)
    parallel (1.12.1)
    parser (2.5.1.2)
      ast (~> 2.4.0)
    power_assert (1.1.3)
    powerpack (0.1.2)
    pry (0.11.3)
      coderay (~> 1.1.0)
      method_source (~> 0.9.0)
    rainbow (3.0.0)
    rake (12.3.1)
    rubocop (0.58.2)
      jaro_winkler (~> 1.5.1)
      parallel (~> 1.10)
      parser (>= 2.5, != 2.5.1.1)
      powerpack (~> 0.1)
      rainbow (>= 2.2.2, < 4.0)
      ruby-progressbar (~> 1.7)
      unicode-display_width (~> 1.0, >= 1.0.1)
    ruby-progressbar (1.9.0)
    rubyzip (1.2.1)
    selenium-webdriver (3.13.1)
      childprocess (~> 0.5)
      rubyzip (~> 1.2)
    test-unit (3.2.8)
      power_assert
    unicode-display_width (1.4.0)
    yml_reader (0.7)

PLATFORMS
  ruby

DEPENDENCIES
  json
  minitest
  os!
  page-object
  pry
  rake
  rubocop (~> 0.58.2)
  selenium-webdriver
  test-unit
  watir!

BUNDLED WITH
   1.16.3
