GIT
  remote: https://github.com/watir/watir
  revision: 23e9b1ae712f9518f7899db15f9883581b3313d4
  specs:
    watir (6.11.0)
      selenium-webdriver (~> 3.4, >= 3.4.1)

GEM
  remote: https://rubygems.org/
  specs:
    childprocess (0.9.0)
      ffi (~> 1.0, >= 1.0.11)
    coderay (1.1.2)
    concurrent-ruby (1.0.5)
    data_magic (1.2)
      faker (>= 1.1.2)
      yml_reader (>= 0.6)
    faker (1.9.1)
      i18n (>= 0.7)
    ffi (1.9.25)
    i18n (1.0.1)
      concurrent-ruby (~> 1.0)
    json (2.1.0)
    method_source (0.9.0)
    minitest (5.11.3)
    page-object (2.2.4)
      page_navigation (>= 0.10)
      selenium-webdriver (~> 3.0)
      watir (~> 6.8)
    page_navigation (0.10)
      data_magic (>= 0.22)
    power_assert (1.1.3)
    pry (0.11.3)
      coderay (~> 1.1.0)
      method_source (~> 0.9.0)
    rake (12.3.1)
    rubyzip (1.2.1)
    selenium-webdriver (3.13.0)
      childprocess (~> 0.5)
      rubyzip (~> 1.2)
    test-unit (3.2.8)
      power_assert
    yml_reader (0.7)

PLATFORMS
  ruby

DEPENDENCIES
  json
  minitest
  page-object
  page_navigation
  pry
  rake
  selenium-webdriver
  test-unit
  watir!

BUNDLED WITH
   1.16.2
