GIT
  remote: https://github.com/mccarrmb/os
  revision: e379f02226fc05cf89632913729ad9952082e968
  specs:
    os (1.0.0)

GIT
  remote: https://github.com/watir/watir
  revision: 3ed5698f4f93bd60177318dff83f32f7b606544b
  specs:
    watir (6.17.0)
      regexp_parser (~> 1.2)
      selenium-webdriver (~> 3.6)

GEM
  remote: https://rubygems.org/
  specs:
    ast (2.4.1)
    childprocess (3.0.0)
    coderay (1.1.3)
    concurrent-ruby (1.1.7)
    csv (3.1.7)
    data_magic (1.2)
      faker (>= 1.1.2)
      yml_reader (>= 0.6)
    faker (2.14.0)
      i18n (>= 1.6, < 2)
    i18n (1.8.5)
      concurrent-ruby (~> 1.0)
    jaro_winkler (1.5.4)
    json (2.3.1)
    method_source (1.0.0)
    minitest (5.14.2)
    page-object (2.2.6)
      page_navigation (>= 0.10)
      selenium-webdriver (~> 3.0)
      watir (~> 6.8)
    page_navigation (0.10)
      data_magic (>= 0.22)
    parallel (1.20.0)
    parser (2.7.2.0)
      ast (~> 2.4.1)
    power_assert (1.2.0)
    pry (0.13.1)
      coderay (~> 1.1)
      method_source (~> 1.0)
    rainbow (3.0.0)
    rake (13.0.1)
    regexp_parser (1.8.2)
    rubocop (0.69.0)
      jaro_winkler (~> 1.5.1)
      parallel (~> 1.10)
      parser (>= 2.6)
      rainbow (>= 2.2.2, < 4.0)
      ruby-progressbar (~> 1.7)
      unicode-display_width (>= 1.4.0, < 1.7)
    ruby-progressbar (1.10.1)
    rubyzip (2.3.0)
    selenium-webdriver (3.142.7)
      childprocess (>= 0.5, < 4.0)
      rubyzip (>= 1.2.2)
    test-unit (3.3.6)
      power_assert
    unicode-display_width (1.6.1)
    yml_reader (0.7)

PLATFORMS
  ruby

DEPENDENCIES
  csv (~> 3.0)
  json
  minitest
  os!
  page-object
  pry
  rake
  rubocop
  selenium-webdriver
  test-unit
  watir!

BUNDLED WITH
   2.1.4
